PATH
  remote: ..
  specs:
    logster (2.1.2)

GEM
  remote: https://rubygems.org/
  specs:
    mustermann (1.0.3)
    puma (3.12.0)
    rack (2.0.6)
    rack-protection (2.0.4)
      rack
    redis (4.0.3)
    sinatra (2.0.4)
      mustermann (~> 1.0)
      rack (~> 2.0)
      rack-protection (= 2.0.4)
      tilt (~> 2.0)
    tilt (2.0.8)

PLATFORMS
  ruby

DEPENDENCIES
  logster!
  puma
  redis
  sinatra

BUNDLED WITH
   1.17.3
