PATH
  remote: ..
  specs:
    logster (2.5.0)

GEM
  remote: https://rubygems.org/
  specs:
    mustermann (1.0.3)
    nio4r (2.5.2)
    puma (4.3.1)
      nio4r (~> 2.0)
    rack (2.0.8)
    rack-protection (2.0.7)
      rack
    redis (4.1.3)
    sinatra (2.0.7)
      mustermann (~> 1.0)
      rack (~> 2.0)
      rack-protection (= 2.0.7)
      tilt (~> 2.0)
    tilt (2.0.10)

PLATFORMS
  ruby

DEPENDENCIES
  logster!
  puma
  redis
  sinatra

BUNDLED WITH
   2.0.2
